GIT
  remote: https://github.com/dradis/dradis-acunetix.git
  revision: 42d2a3a260fbf60ff21539896609e2d1ada40145
  specs:
    dradis-acunetix (3.10.0)
      dradis-plugins (~> 3.6)
      nokogiri (~> 1.3)

GIT
  remote: https://github.com/dradis/dradis-brakeman.git
  revision: 46505fc63c1277385eba5ab1922a1e5d3e8f621d
  specs:
    dradis-brakeman (3.10.0)
      dradis-plugins (~> 3.6)

GIT
  remote: https://github.com/dradis/dradis-burp.git
  revision: 091e361a38b14b6f3a06a0f844582f01f43b90ae
  specs:
    dradis-burp (3.10.0)
      dradis-plugins (~> 3.6)
      nokogiri (~> 1.3)

GIT
  remote: https://github.com/dradis/dradis-calculator_cvss.git
  revision: 998b5e2d0717c15f1cce082fdf0ae2cbe4c645f0
  specs:
    dradis-calculator_cvss (3.10.0)
      dradis-plugins (~> 3.0)

GIT
  remote: https://github.com/dradis/dradis-calculator_dread.git
  revision: 83fd1e7c77cf92a845a2bf33a5fcaa701395cd97
  specs:
    dradis-calculator_dread (3.10.0)
      dradis-plugins (~> 3.0)

GIT
  remote: https://github.com/dradis/dradis-csv.git
  revision: ea4abea5b9b232327e483982a027457ed2d0026d
  specs:
    dradis-csv (3.10.0)
      dradis-plugins (~> 3.6)

GIT
  remote: https://github.com/dradis/dradis-html_export.git
  revision: 9c8e4a51a9d19913562af5d937ba8f03f5242fb4
  specs:
    dradis-html_export (3.10.0)
      RedCloth (~> 4.3.2)
      dradis-plugins (~> 3.6)
      rails_autolink (~> 1.1)

GIT
  remote: https://github.com/dradis/dradis-metasploit.git
  revision: afc5d494d8244a4d43a6c4395fdc2b5a0836fe3d
  specs:
    dradis-metasploit (3.10.0)
      dradis-plugins (~> 3.6)
      nokogiri (~> 1.3)

GIT
  remote: https://github.com/dradis/dradis-nessus.git
  revision: 753bd877f948d116747fddd6cf0c4421d3630f47
  specs:
    dradis-nessus (3.10.1)
      dradis-plugins (~> 3.6)
      nokogiri

GIT
  remote: https://github.com/dradis/dradis-netsparker.git
  revision: 659654917844e91b5240692d60269325b2e1012c
  specs:
    dradis-netsparker (3.10.0)
      dradis-plugins (~> 3.2)
      nokogiri (~> 1.3)

GIT
  remote: https://github.com/dradis/dradis-nexpose.git
  revision: 4fc76dea72f8e815e4b228c57383046e2f6c7f33
  specs:
    dradis-nexpose (3.10.0)
      dradis-plugins (~> 3.6)
      nokogiri (~> 1.3)

GIT
  remote: https://github.com/dradis/dradis-nikto.git
  revision: 956bb5b7aa8b8942885748c587f47f31ee26663c
  specs:
    dradis-nikto (3.10.0)
      dradis-plugins (~> 3.6)
      nokogiri (~> 1.3)

GIT
  remote: https://github.com/dradis/dradis-nmap.git
  revision: 4dc26f25433a4921ce23856eccaeda2729006037
  specs:
    dradis-nmap (3.10.0)
      dradis-plugins (~> 3.6)
      ruby-nmap (~> 0.7)

GIT
  remote: https://github.com/dradis/dradis-ntospider.git
  revision: 549552ccc28cf08e2b5b712e0e829d75f763a55b
  specs:
    dradis-ntospider (3.10.0)
      dradis-plugins (~> 3.6)

GIT
  remote: https://github.com/dradis/dradis-openvas.git
  revision: a3128a19f0d6f788b14731b3923a7b2e91af84c3
  specs:
    dradis-openvas (3.10.0)
      dradis-plugins (~> 3.6)

GIT
  remote: https://github.com/dradis/dradis-plugins.git
  revision: d9d1be9649280f02134452cfd0462438adcaa0ed
  specs:
    dradis-plugins (3.10.0)

GIT
  remote: https://github.com/dradis/dradis-projects.git
  revision: 48d6fbfb8998fd5475c9303b42ff2ae41b999696
  specs:
    dradis-projects (3.10.0)
      dradis-plugins (~> 3.7)
      rubyzip (~> 1.2.1)

GIT
  remote: https://github.com/dradis/dradis-qualys.git
  revision: 6dba03eacf36095d86c412a0f065ee1664b49feb
  specs:
    dradis-qualys (3.10.0)
      dradis-plugins (~> 3.6)
      nokogiri (~> 1.3)

GIT
  remote: https://github.com/dradis/dradis-saint.git
  revision: b22f657ed4c7e6687ac38a7a9a5cf43adad54837
  specs:
    dradis-saint (3.10.0)
      combustion (~> 0.6.0)
      dradis-plugins (~> 3.8)
      nokogiri
      rake (~> 12.0)
      rspec-rails

GIT
  remote: https://github.com/dradis/dradis-zap.git
  revision: 3211ffd29690ff6544566a7d07fe200c7148f116
  specs:
    dradis-zap (3.10.0)
      dradis-plugins (~> 3.6)
      nokogiri (~> 1.3)

PATH
  remote: engines/dradis-api
  specs:
    dradis-api (0.0.1)
      jbuilder

GEM
  remote: https://rubygems.org/
  specs:
    RedCloth (4.3.2)
    actioncable (5.1.6)
      actionpack (= 5.1.6)
      nio4r (~> 2.0)
      websocket-driver (~> 0.6.1)
    actionmailer (5.1.6)
      actionpack (= 5.1.6)
      actionview (= 5.1.6)
      activejob (= 5.1.6)
      mail (~> 2.5, >= 2.5.4)
      rails-dom-testing (~> 2.0)
    actionpack (5.1.6)
      actionview (= 5.1.6)
      activesupport (= 5.1.6)
      rack (~> 2.0)
      rack-test (>= 0.6.3)
      rails-dom-testing (~> 2.0)
      rails-html-sanitizer (~> 1.0, >= 1.0.2)
    actionview (5.1.6)
      activesupport (= 5.1.6)
      builder (~> 3.1)
      erubi (~> 1.4)
      rails-dom-testing (~> 2.0)
      rails-html-sanitizer (~> 1.0, >= 1.0.3)
    activejob (5.1.6)
      activesupport (= 5.1.6)
      globalid (>= 0.3.6)
    activemodel (5.1.6)
      activesupport (= 5.1.6)
    activerecord (5.1.6)
      activemodel (= 5.1.6)
      activesupport (= 5.1.6)
      arel (~> 8.0)
    activesupport (5.1.6)
      concurrent-ruby (~> 1.0, >= 1.0.2)
      i18n (>= 0.7, < 2)
      minitest (~> 5.1)
      tzinfo (~> 1.1)
    acts_as_tree (2.7.1)
      activerecord (>= 3.0.0)
    addressable (2.5.2)
      public_suffix (>= 2.0.2, < 4.0)
    arel (8.0.0)
    ast (2.3.0)
    bcrypt (3.1.12)
    bindex (0.5.0)
    blankslate (3.1.3)
    bootstrap-sass (2.3.2.2)
      sass (~> 3.2)
    brakeman (3.7.1)
    builder (3.2.3)
    bullet (5.6.1)
      activesupport (>= 3.0.0)
      uniform_notifier (~> 1.10.0)
    bundler-audit (0.6.0)
      bundler (~> 1.2)
      thor (~> 0.18)
    byebug (9.0.6)
    cancancan (1.17.0)
    capybara (3.6.0)
      addressable
      mini_mime (>= 0.1.3)
      nokogiri (~> 1.8)
      rack (>= 1.6.0)
      rack-test (>= 0.6.3)
      xpath (~> 3.1)
    chronic (0.10.2)
    cliver (0.3.2)
    coderay (1.1.1)
    coffee-rails (4.2.2)
      coffee-script (>= 2.2.0)
      railties (>= 4.0.0)
    coffee-script (2.4.1)
      coffee-script-source
      execjs
    coffee-script-source (1.12.2)
    combustion (0.6.0)
      activesupport (>= 3.0.0)
      railties (>= 3.0.0)
      thor (>= 0.14.6)
    concurrent-ruby (1.0.5)
    crass (1.0.4)
    database_cleaner (1.6.1)
    diff-lcs (1.3)
    differ (0.1.2)
    erubi (1.7.1)
    execjs (2.7.0)
    factory_bot (4.8.2)
      activesupport (>= 3.0.0)
    factory_bot_rails (4.8.2)
      factory_bot (~> 4.8.2)
      railties (>= 3.0.0)
    ffi (1.9.25)
    font-awesome-sass (4.7.0)
      sass (>= 3.2)
    foreman (0.84.0)
      thor (~> 0.19.1)
    formatador (0.2.5)
    globalid (0.4.1)
      activesupport (>= 4.2.0)
    guard (2.14.1)
      formatador (>= 0.2.4)
      listen (>= 2.7, < 4.0)
      lumberjack (~> 1.0)
      nenv (~> 0.1)
      notiffany (~> 0.0)
      pry (>= 0.9.12)
      shellany (~> 0.0)
      thor (>= 0.18.1)
    guard-compat (1.2.1)
    guard-rspec (4.7.3)
      guard (~> 2.1)
      guard-compat (~> 1.1)
      rspec (>= 2.99.0, < 4.0)
    html-pipeline (2.6.0)
      activesupport (>= 2)
      nokogiri (>= 1.4)
    i18n (1.0.1)
      concurrent-ruby (~> 1.0)
    image_size (1.3.1)
    jbuilder (2.7.0)
      activesupport (>= 4.2.0)
      multi_json (>= 1.2)
    jquery-fileupload-rails (0.3.5)
      actionpack (>= 3.1)
      railties (>= 3.1)
    jquery-hotkeys-rails (0.7.9.1)
      railties (>= 3.1)
    jquery-rails (4.3.1)
      rails-dom-testing (>= 1, < 3)
      railties (>= 4.2.0)
      thor (>= 0.14, < 2.0)
    jquery-ui-rails (6.0.1)
      railties (>= 3.2.16)
    json (1.8.6)
    kaminari (1.0.1)
      activesupport (>= 4.1.0)
      kaminari-actionview (= 1.0.1)
      kaminari-activerecord (= 1.0.1)
      kaminari-core (= 1.0.1)
    kaminari-actionview (1.0.1)
      actionview
      kaminari-core (= 1.0.1)
    kaminari-activerecord (1.0.1)
      activerecord
      kaminari-core (= 1.0.1)
    kaminari-core (1.0.1)
    kgio (2.11.0)
    launchy (2.4.3)
      addressable (~> 2.3)
    letter_opener (1.4.1)
      launchy (~> 2.2)
    libv8 (3.16.14.19)
    listen (3.1.5)
      rb-fsevent (~> 0.9, >= 0.9.4)
      rb-inotify (~> 0.9, >= 0.9.7)
      ruby_dep (~> 1.2)
    local_time (2.0.0)
    loofah (2.2.2)
      crass (~> 1.0.2)
      nokogiri (>= 1.5.9)
    lumberjack (1.0.12)
    mail (2.7.0)
      mini_mime (>= 0.1.1)
    method_source (0.8.2)
    mini_mime (1.0.1)
    mini_portile2 (2.3.0)
    minitest (5.11.3)
    mono_logger (1.1.0)
    multi_json (1.13.1)
    mustermann (1.0.2)
    mysql2 (0.5.1)
    nenv (0.3.0)
    nio4r (2.3.1)
    nokogiri (1.8.3)
      mini_portile2 (~> 2.3.0)
    notiffany (0.1.1)
      nenv (~> 0.1)
      shellany (~> 0.0)
    paper_trail (6.0.2)
      activerecord (>= 4.0, < 5.2)
      request_store (~> 1.1)
    parallel (1.12.0)
    parser (2.4.0.0)
      ast (~> 2.2)
    parslet (1.6.2)
      blankslate (>= 2.0, <= 4.0)
    poltergeist (1.18.1)
      capybara (>= 2.1, < 4)
      cliver (~> 0.3.1)
      websocket-driver (>= 0.2.0)
    powerpack (0.1.1)
    pry (0.10.4)
      coderay (~> 1.1.0)
      method_source (~> 0.8.1)
      slop (~> 3.4)
    public_suffix (3.0.3)
    puma (3.11.4)
    rack (2.0.5)
    rack-protection (2.0.2)
      rack
    rack-test (1.1.0)
      rack (>= 1.0, < 3)
    rails (5.1.6)
      actioncable (= 5.1.6)
      actionmailer (= 5.1.6)
      actionpack (= 5.1.6)
      actionview (= 5.1.6)
      activejob (= 5.1.6)
      activemodel (= 5.1.6)
      activerecord (= 5.1.6)
      activesupport (= 5.1.6)
      bundler (>= 1.3.0)
      railties (= 5.1.6)
      sprockets-rails (>= 2.0.0)
    rails-dom-testing (2.0.3)
      activesupport (>= 4.2.0)
      nokogiri (>= 1.6)
    rails-html-sanitizer (1.0.4)
      loofah (~> 2.2, >= 2.2.2)
    rails_autolink (1.1.6)
      rails (> 3.1)
    railties (5.1.6)
      actionpack (= 5.1.6)
      activesupport (= 5.1.6)
      method_source
      rake (>= 0.8.7)
      thor (>= 0.18.1, < 2.0)
    rainbow (2.2.2)
      rake
    raindrops (0.19.0)
    rake (12.3.1)
    rb-fsevent (0.10.2)
    rb-inotify (0.9.10)
      ffi (>= 0.5.0, < 2)
    record_tag_helper (1.0.0)
      actionview (~> 5.x)
    redis (4.0.1)
    redis-namespace (1.6.0)
      redis (>= 3.0.4)
    ref (2.0.0)
    request_store (1.3.2)
    rerun (0.11.0)
      listen (~> 3.0)
    resque (1.27.4)
      mono_logger (~> 1.0)
      multi_json (~> 1.0)
      redis-namespace (~> 1.3)
      sinatra (>= 0.9.2)
      vegas (~> 0.1.2)
    resque-status (0.5.0)
      resque (~> 1.19)
    rinku (2.0.2)
    rprogram (0.3.2)
    rspec (3.6.0)
      rspec-core (~> 3.6.0)
      rspec-expectations (~> 3.6.0)
      rspec-mocks (~> 3.6.0)
    rspec-core (3.6.0)
      rspec-support (~> 3.6.0)
    rspec-expectations (3.6.0)
      diff-lcs (>= 1.2.0, < 2.0)
      rspec-support (~> 3.6.0)
    rspec-mocks (3.6.0)
      diff-lcs (>= 1.2.0, < 2.0)
      rspec-support (~> 3.6.0)
    rspec-rails (3.6.1)
      actionpack (>= 3.0)
      activesupport (>= 3.0)
      railties (>= 3.0)
      rspec-core (~> 3.6.0)
      rspec-expectations (~> 3.6.0)
      rspec-mocks (~> 3.6.0)
      rspec-support (~> 3.6.0)
    rspec-support (3.6.0)
    rubocop (0.49.1)
      parallel (~> 1.10)
      parser (>= 2.3.3.1, < 3.0)
      powerpack (~> 0.1)
      rainbow (>= 1.99.1, < 3.0)
      ruby-progressbar (~> 1.7)
      unicode-display_width (~> 1.0, >= 1.0.1)
    ruby-nmap (0.9.3)
      nokogiri (~> 1.3)
      rprogram (~> 0.3)
    ruby-progressbar (1.8.1)
    ruby_dep (1.5.0)
    rubyzip (1.2.2)
    sass (3.5.1)
      sass-listen (~> 4.0.0)
    sass-listen (4.0.0)
      rb-fsevent (~> 0.9, >= 0.9.4)
      rb-inotify (~> 0.9, >= 0.9.7)
    sass-rails (5.0.6)
      railties (>= 4.0.0, < 6)
      sass (~> 3.1)
      sprockets (>= 2.8, < 4.0)
      sprockets-rails (>= 2.0, < 4.0)
      tilt (>= 1.1, < 3)
    shellany (0.0.1)
    shoulda-matchers (3.1.2)
      activesupport (>= 4.0.0)
    simple_form (3.5.0)
      actionpack (> 4, < 5.2)
      activemodel (> 4, < 5.2)
    sinatra (2.0.2)
      mustermann (~> 1.0)
      rack (~> 2.0)
      rack-protection (= 2.0.2)
      tilt (~> 2.0)
    slop (3.6.0)
    spring (2.0.2)
      activesupport (>= 4.2)
    spring-watcher-listen (2.0.1)
      listen (>= 2.7, < 4.0)
      spring (>= 1.2, < 3.0)
    sprockets (3.7.2)
      concurrent-ruby (~> 1.0)
      rack (> 1, < 3)
    sprockets-rails (3.2.1)
      actionpack (>= 4.0)
      activesupport (>= 4.0)
      sprockets (>= 3.0.0)
    sqlite3 (1.3.13)
    therubyracer (0.12.3)
      libv8 (~> 3.16.14.15)
      ref
    thor (0.19.4)
    thread_safe (0.3.6)
    tilt (2.0.8)
    timecop (0.9.1)
    turbolinks (5.0.1)
      turbolinks-source (~> 5)
    turbolinks-source (5.0.3)
    tzinfo (1.2.5)
      thread_safe (~> 0.1)
    uglifier (3.2.0)
      execjs (>= 0.3.0, < 3)
    unicode-display_width (1.3.0)
    unicorn (4.9.0)
      kgio (~> 2.6)
      rack
      raindrops (~> 0.7)
    uniform_notifier (1.10.0)
    vegas (0.1.11)
      rack (>= 1.0.0)
    warden (1.2.7)
      rack (>= 1.0)
    web-console (3.5.1)
      actionview (>= 5.0)
      activemodel (>= 5.0)
      bindex (>= 0.4.0)
      railties (>= 5.0)
    websocket-driver (0.6.5)
      websocket-extensions (>= 0.1.0)
    websocket-extensions (0.1.3)
    whenever (0.9.7)
      chronic (>= 0.6.3)
    xpath (3.1.0)
      nokogiri (~> 1.8)

PLATFORMS
  ruby

DEPENDENCIES
  RedCloth (~> 4.3.2)
  acts_as_tree (~> 2.7.1)
  bcrypt (= 3.1.12)
  bootstrap-sass (~> 2.3.2.2)
  brakeman
  builder
  bullet
  bundler-audit
  byebug
  cancancan (~> 1.10)
  capybara (~> 3.6.0)
  coffee-rails (~> 4.2)
  database_cleaner
  differ (~> 0.1.2)
  dradis-acunetix (~> 3.10)!
  dradis-api!
  dradis-brakeman (~> 3.10)!
  dradis-burp (~> 3.10)!
  dradis-calculator_cvss (~> 3.10)!
  dradis-calculator_dread (~> 3.10)!
  dradis-csv (~> 3.10)!
  dradis-html_export (~> 3.10)!
  dradis-metasploit (~> 3.10)!
  dradis-nessus (~> 3.10)!
  dradis-netsparker (~> 3.10)!
  dradis-nexpose (~> 3.10)!
  dradis-nikto (~> 3.10)!
  dradis-nmap (~> 3.10)!
  dradis-ntospider (~> 3.10)!
  dradis-openvas (~> 3.10)!
  dradis-plugins (~> 3.10)!
  dradis-projects (~> 3.10)!
  dradis-qualys (~> 3.10)!
  dradis-saint (~> 3.10)!
  dradis-zap (~> 3.10)!
  factory_bot_rails
  font-awesome-sass (~> 4.7.0)
  foreman
  guard-rspec
  html-pipeline
  image_size (~> 1.3.0)
  jbuilder (~> 2.5)
  jquery-fileupload-rails (~> 0.3.4)
  jquery-hotkeys-rails
  jquery-rails
  jquery-ui-rails
  json (= 1.8.6)
  kaminari (~> 1.0.1)
  letter_opener
  listen (>= 3.0.5, < 3.2)
  local_time (>= 2.0.0)
  mysql2 (~> 0.5.1)
  nokogiri (= 1.8.3)
  paper_trail (~> 6.0)
  parslet (~> 1.6.0)
  poltergeist
  puma
  rails (~> 5.1.6)
  rails-html-sanitizer (~> 1.0.4)
  record_tag_helper
  rerun
  resque
  resque-status
  rinku
  rspec-rails (~> 3.1)
  rubocop
  rubyzip (>= 1.2.2)
  sass-rails (~> 5.0)
  shoulda-matchers (~> 3.1)
  simple_form
  sinatra (= 2.0.2)
  spring
  spring-watcher-listen (~> 2.0.0)
  sqlite3
  therubyracer
  thor (~> 0.18)
  timecop
  turbolinks (~> 5)
  uglifier (>= 1.3.0)
  unicorn (= 4.9.0)
  warden (~> 1.2.3)
  web-console (>= 3.3.0)
  whenever

BUNDLED WITH
   1.16.5
