PATH
  remote: engines/dradis-api
  specs:
    dradis-api (4.7.0)
      jbuilder

GEM
  remote: https://rubygems.org/
  specs:
    RedCloth (4.3.2)
    actioncable (6.1.7.2)
      actionpack (= 6.1.7.2)
      activesupport (= 6.1.7.2)
      nio4r (~> 2.0)
      websocket-driver (>= 0.6.1)
    actionmailbox (6.1.7.2)
      actionpack (= 6.1.7.2)
      activejob (= 6.1.7.2)
      activerecord (= 6.1.7.2)
      activestorage (= 6.1.7.2)
      activesupport (= 6.1.7.2)
      mail (>= 2.7.1)
    actionmailer (6.1.7.2)
      actionpack (= 6.1.7.2)
      actionview (= 6.1.7.2)
      activejob (= 6.1.7.2)
      activesupport (= 6.1.7.2)
      mail (~> 2.5, >= 2.5.4)
      rails-dom-testing (~> 2.0)
    actionpack (6.1.7.2)
      actionview (= 6.1.7.2)
      activesupport (= 6.1.7.2)
      rack (~> 2.0, >= 2.0.9)
      rack-test (>= 0.6.3)
      rails-dom-testing (~> 2.0)
      rails-html-sanitizer (~> 1.0, >= 1.2.0)
    actiontext (6.1.7.2)
      actionpack (= 6.1.7.2)
      activerecord (= 6.1.7.2)
      activestorage (= 6.1.7.2)
      activesupport (= 6.1.7.2)
      nokogiri (>= 1.8.5)
    actionview (6.1.7.2)
      activesupport (= 6.1.7.2)
      builder (~> 3.1)
      erubi (~> 1.4)
      rails-dom-testing (~> 2.0)
      rails-html-sanitizer (~> 1.1, >= 1.2.0)
    activejob (6.1.7.2)
      activesupport (= 6.1.7.2)
      globalid (>= 0.3.6)
    activemodel (6.1.7.2)
      activesupport (= 6.1.7.2)
    activerecord (6.1.7.2)
      activemodel (= 6.1.7.2)
      activesupport (= 6.1.7.2)
    activestorage (6.1.7.2)
      actionpack (= 6.1.7.2)
      activejob (= 6.1.7.2)
      activerecord (= 6.1.7.2)
      activesupport (= 6.1.7.2)
      marcel (~> 1.0)
      mini_mime (>= 1.1.0)
    activesupport (6.1.7.2)
      concurrent-ruby (~> 1.0, >= 1.0.2)
      i18n (>= 1.6, < 2)
      minitest (>= 5.1)
      tzinfo (~> 2.0)
      zeitwerk (~> 2.3)
    acts_as_tree (2.9.1)
      activerecord (>= 3.0.0)
    addressable (2.8.0)
      public_suffix (>= 2.0.2, < 5.0)
    ast (2.4.2)
    autoprefixer-rails (9.7.4)
      execjs
    bcrypt (3.1.12)
    bindex (0.8.1)
    blankslate (3.1.3)
    bootsnap (1.12.0)
      msgpack (~> 1.2)
    bootstrap (4.3.1)
      autoprefixer-rails (>= 9.1.0)
      popper_js (>= 1.14.3, < 2)
      sassc-rails (>= 2.0.0)
    brakeman (5.4.0)
    builder (3.2.4)
    bundler-audit (0.9.1)
      bundler (>= 1.2.0, < 3)
      thor (~> 1.0)
    byebug (11.1.1)
    cancancan (1.17.0)
    capybara (3.35.3)
      addressable
      mini_mime (>= 0.1.3)
      nokogiri (~> 1.8)
      rack (>= 1.6.0)
      rack-test (>= 0.6.3)
      regexp_parser (>= 1.5, < 3.0)
      xpath (~> 3.2)
    childprocess (3.0.0)
    chronic (0.10.2)
    coderay (1.1.2)
    coffee-rails (5.0.0)
      coffee-script (>= 2.2.0)
      railties (>= 5.2.0)
    coffee-script (2.4.1)
      coffee-script-source
      execjs
    coffee-script-source (1.12.2)
    combustion (0.6.0)
      activesupport (>= 3.0.0)
      railties (>= 3.0.0)
      thor (>= 0.14.6)
    concurrent-ruby (1.2.0)
    crass (1.0.6)
    database_cleaner (1.8.2)
    date (3.3.3)
    diff-lcs (1.5.0)
    differ (0.1.2)
    dradis-acunetix (4.7.1)
      dradis-plugins (~> 4.0)
      nokogiri (~> 1.3)
    dradis-brakeman (4.7.1)
      dradis-plugins (~> 4.0)
    dradis-burp (4.7.0)
      dradis-plugins (~> 4.0)
      nokogiri (~> 1.3)
    dradis-calculator_cvss (4.7.0)
      dradis-plugins (~> 4.0)
    dradis-calculator_dread (4.7.0)
      dradis-plugins (~> 4.0)
    dradis-coreimpact (4.7.0)
      dradis-plugins (~> 4.0)
    dradis-csv (4.7.0)
      dradis-plugins (~> 4.0)
    dradis-csv_export (4.7.0)
      dradis-plugins (~> 4.0)
    dradis-html_export (4.7.0)
      RedCloth (~> 4.3.2)
      dradis-plugins (~> 4.0)
      rails_autolink (~> 1.1)
    dradis-metasploit (4.7.0)
      dradis-plugins (~> 4.0)
      nokogiri (~> 1.3)
    dradis-nessus (4.7.0)
      dradis-plugins (~> 4.0)
      nokogiri
    dradis-netsparker (4.7.0)
      dradis-plugins (~> 4.0)
      nokogiri (>= 1.12.5)
    dradis-nexpose (4.7.0)
      dradis-plugins (~> 4.0)
      nokogiri (~> 1.3)
    dradis-nikto (4.7.0)
      dradis-plugins (~> 4.0)
      nokogiri (~> 1.3)
    dradis-nipper (4.7.0)
      dradis-plugins (~> 4.0)
    dradis-nmap (4.7.0)
      dradis-plugins (~> 4.0)
      ruby-nmap (~> 0.7)
    dradis-ntospider (4.7.0)
      dradis-plugins (~> 4.0)
    dradis-openvas (4.7.0)
      dradis-plugins (~> 4.0)
    dradis-plugins (4.7.0)
    dradis-projects (4.7.0)
      dradis-plugins (~> 4.0)
      rubyzip
    dradis-qualys (4.7.0)
      dradis-plugins (~> 4.0)
      nokogiri (~> 1.3)
    dradis-saint (4.7.0)
      combustion (~> 0.6.0)
      dradis-plugins (~> 4.0)
      nokogiri
      rake (~> 13.0)
      rspec-rails
    dradis-veracode (4.7.0)
      dradis-plugins (~> 4.0)
    dradis-wpscan (4.7.0)
      dradis-plugins (~> 4.0)
      multi_json
    dradis-zap (4.7.0)
      dradis-plugins (~> 4.0)
      nokogiri (~> 1.3)
    erubi (1.12.0)
    execjs (2.7.0)
    factory_bot (6.2.1)
      activesupport (>= 5.0.0)
    factory_bot_rails (6.2.0)
      factory_bot (~> 6.2.0)
      railties (>= 5.0.0)
    ffi (1.14.2)
    foreman (0.87.0)
    formatador (0.2.5)
    globalid (1.0.1)
      activesupport (>= 5.0)
    guard (2.16.1)
      formatador (>= 0.2.4)
      listen (>= 2.7, < 4.0)
      lumberjack (>= 1.0.12, < 2.0)
      nenv (~> 0.1)
      notiffany (~> 0.0)
      pry (>= 0.9.12)
      shellany (~> 0.0)
      thor (>= 0.18.1)
    guard-compat (1.2.1)
    guard-rspec (4.7.3)
      guard (~> 2.1)
      guard-compat (~> 1.1)
      rspec (>= 2.99.0, < 4.0)
    html-pipeline (2.12.3)
      activesupport (>= 2)
      nokogiri (>= 1.4)
    i18n (1.12.0)
      concurrent-ruby (~> 1.0)
    image_size (1.3.1)
    jbuilder (2.10.0)
      activesupport (>= 5.0.0)
    jquery-fileupload-rails (0.3.5)
      actionpack (>= 3.1)
      railties (>= 3.1)
    jquery-hotkeys-rails (0.7.9.1)
      railties (>= 3.1)
    jquery-rails (4.4.0)
      rails-dom-testing (>= 1, < 3)
      railties (>= 4.2.0)
      thor (>= 0.14, < 2.0)
    jquery-ui-rails (6.0.1)
      railties (>= 3.2.16)
    json (2.3.0)
    kaminari (1.2.1)
      activesupport (>= 4.1.0)
      kaminari-actionview (= 1.2.1)
      kaminari-activerecord (= 1.2.1)
      kaminari-core (= 1.2.1)
    kaminari-actionview (1.2.1)
      actionview
      kaminari-core (= 1.2.1)
    kaminari-activerecord (1.2.1)
      activerecord
      kaminari-core (= 1.2.1)
    kaminari-core (1.2.1)
    kgio (2.11.4)
    launchy (2.4.3)
      addressable (~> 2.3)
    letter_opener (1.7.0)
      launchy (~> 2.2)
    libv8-node (16.10.0.0)
    libv8-node (16.10.0.0-arm64-darwin)
    libv8-node (16.10.0.0-x86_64-darwin)
    libv8-node (16.10.0.0-x86_64-linux)
    liquid (5.0.1)
    listen (3.4.1)
      rb-fsevent (~> 0.10, >= 0.10.3)
      rb-inotify (~> 0.9, >= 0.9.10)
    local_time (2.1.0)
    loofah (2.19.1)
      crass (~> 1.0.2)
      nokogiri (>= 1.5.9)
    lumberjack (1.2.4)
    mail (2.8.0.1)
      mini_mime (>= 0.1.1)
      net-imap
      net-pop
      net-smtp
    marcel (1.0.2)
    matrix (0.4.2)
    method_source (0.9.2)
    mini_mime (1.1.2)
    mini_portile2 (2.8.1)
    mini_racer (0.6.2)
      libv8-node (~> 16.10.0.0)
    minitest (5.17.0)
    mono_logger (1.1.1)
    msgpack (1.5.2)
    multi_json (1.15.0)
    mustermann (2.0.2)
      ruby2_keywords (~> 0.0.1)
    nenv (0.3.0)
    net-imap (0.3.4)
      date
      net-protocol
    net-pop (0.1.2)
      net-protocol
    net-protocol (0.2.1)
      timeout
    net-smtp (0.3.3)
      net-protocol
    nio4r (2.5.8)
    nokogiri (1.13.10)
      mini_portile2 (~> 2.8.0)
      racc (~> 1.4)
    nokogiri (1.13.10-arm64-darwin)
      racc (~> 1.4)
    nokogiri (1.13.10-x86_64-darwin)
      racc (~> 1.4)
    nokogiri (1.13.10-x86_64-linux)
      racc (~> 1.4)
    notiffany (0.1.3)
      nenv (~> 0.1)
      shellany (~> 0.0)
    paper_trail (12.2.0)
      activerecord (>= 5.2)
      request_store (~> 1.1)
    parallel (1.22.1)
    parser (3.1.2.1)
      ast (~> 2.4.1)
    parslet (1.6.2)
      blankslate (>= 2.0, <= 4.0)
    pg (1.4.5)
    popper_js (1.16.0)
    pry (0.12.2)
      coderay (~> 1.1.0)
      method_source (~> 0.9.0)
    public_suffix (4.0.6)
    puma (5.6.4)
      nio4r (~> 2.0)
    racc (1.6.2)
    rack (2.2.6.2)
    rack-mini-profiler (2.3.0)
      rack (>= 1.2.0)
    rack-protection (2.2.3)
      rack
    rack-test (2.0.2)
      rack (>= 1.3)
    rails (6.1.7.2)
      actioncable (= 6.1.7.2)
      actionmailbox (= 6.1.7.2)
      actionmailer (= 6.1.7.2)
      actionpack (= 6.1.7.2)
      actiontext (= 6.1.7.2)
      actionview (= 6.1.7.2)
      activejob (= 6.1.7.2)
      activemodel (= 6.1.7.2)
      activerecord (= 6.1.7.2)
      activestorage (= 6.1.7.2)
      activesupport (= 6.1.7.2)
      bundler (>= 1.15.0)
      railties (= 6.1.7.2)
      sprockets-rails (>= 2.0.0)
    rails-dom-testing (2.0.3)
      activesupport (>= 4.2.0)
      nokogiri (>= 1.6)
    rails-html-sanitizer (1.4.4)
      loofah (~> 2.19, >= 2.19.1)
    rails_autolink (1.1.8)
      actionview (> 3.1)
      activesupport (> 3.1)
      railties (> 3.1)
    railties (6.1.7.2)
      actionpack (= 6.1.7.2)
      activesupport (= 6.1.7.2)
      method_source
      rake (>= 12.2)
      thor (~> 1.0)
    rainbow (3.1.1)
    raindrops (0.20.0)
    rake (13.0.6)
    rb-fsevent (0.10.4)
    rb-inotify (0.10.1)
      ffi (~> 1.0)
    record_tag_helper (1.0.1)
      actionview (>= 5)
    redis (4.7.0)
    redis-namespace (1.8.2)
      redis (>= 3.0.4)
    regexp_parser (2.1.1)
    request_store (1.5.1)
      rack (>= 1.4)
    rerun (0.13.0)
      listen (~> 3.0)
    resque (1.27.4)
      mono_logger (~> 1.0)
      multi_json (~> 1.0)
      redis-namespace (~> 1.3)
      sinatra (>= 0.9.2)
      vegas (~> 0.1.2)
    resque-status (0.5.0)
      resque (~> 1.19)
    rexml (3.2.5)
    rinku (2.0.6)
    rprogram (0.3.2)
    rspec (3.10.0)
      rspec-core (~> 3.10.0)
      rspec-expectations (~> 3.10.0)
      rspec-mocks (~> 3.10.0)
    rspec-core (3.10.2)
      rspec-support (~> 3.10.0)
    rspec-expectations (3.10.2)
      diff-lcs (>= 1.2.0, < 2.0)
      rspec-support (~> 3.10.0)
    rspec-mocks (3.10.3)
      diff-lcs (>= 1.2.0, < 2.0)
      rspec-support (~> 3.10.0)
    rspec-rails (4.0.2)
      actionpack (>= 4.2)
      activesupport (>= 4.2)
      railties (>= 4.2)
      rspec-core (~> 3.10)
      rspec-expectations (~> 3.10)
      rspec-mocks (~> 3.10)
      rspec-support (~> 3.10)
    rspec-support (3.10.3)
    rubocop (1.38.0)
      json (~> 2.3)
      parallel (~> 1.10)
      parser (>= 3.1.2.1)
      rainbow (>= 2.2.2, < 4.0)
      regexp_parser (>= 1.8, < 3.0)
      rexml (>= 3.2.5, < 4.0)
      rubocop-ast (>= 1.23.0, < 2.0)
      ruby-progressbar (~> 1.7)
      unicode-display_width (>= 1.4.0, < 3.0)
    rubocop-ast (1.23.0)
      parser (>= 3.1.1.0)
    ruby-nmap (0.10.0)
      nokogiri (~> 1.3)
      rprogram (~> 0.3)
    ruby-progressbar (1.11.0)
    ruby2_keywords (0.0.5)
    ruby_audit (2.1.0)
      bundler-audit (~> 0.9.0)
    rubyzip (2.2.0)
    sanitize (6.0.1)
      crass (~> 1.0.2)
      nokogiri (>= 1.12.0)
    sass-rails (6.0.0)
      sassc-rails (~> 2.1, >= 2.1.1)
    sassc (2.4.0)
      ffi (~> 1.9)
    sassc-rails (2.1.2)
      railties (>= 4.0.0)
      sassc (>= 2.0)
      sprockets (> 3.0)
      sprockets-rails
      tilt
    selenium-webdriver (3.142.7)
      childprocess (>= 0.5, < 4.0)
      rubyzip (>= 1.2.2)
    shellany (0.0.1)
    shoulda-matchers (3.1.3)
      activesupport (>= 4.0.0)
    simple_form (5.0.2)
      actionpack (>= 5.0)
      activemodel (>= 5.0)
    sinatra (2.2.3)
      mustermann (~> 2.0)
      rack (~> 2.2)
      rack-protection (= 2.2.3)
      tilt (~> 2.0)
    spring (2.1.1)
    sprockets (4.2.0)
      concurrent-ruby (~> 1.0)
      rack (>= 2.2.4, < 4)
    sprockets-rails (3.4.2)
      actionpack (>= 5.2)
      activesupport (>= 5.2)
      sprockets (>= 3.0.0)
    sqlite3 (1.4.2)
    thor (1.2.1)
    tilt (2.0.11)
    timecop (0.9.5)
    timeout (0.3.1)
    turbolinks (5.2.1)
      turbolinks-source (~> 5.2)
    turbolinks-source (5.2.0)
    tzinfo (2.0.5)
      concurrent-ruby (~> 1.0)
    uglifier (4.2.0)
      execjs (>= 0.3.0, < 3)
    unicode-display_width (2.3.0)
    unicorn (6.1.0)
      kgio (~> 2.6)
      raindrops (~> 0.7)
    vegas (0.1.11)
      rack (>= 1.0.0)
    warden (1.2.8)
      rack (>= 2.0.6)
    web-console (4.1.0)
      actionview (>= 6.0.0)
      activemodel (>= 6.0.0)
      bindex (>= 0.4.0)
      railties (>= 6.0.0)
    webdrivers (4.2.0)
      nokogiri (~> 1.6)
      rubyzip (>= 1.3.0)
      selenium-webdriver (>= 3.0, < 4.0)
    websocket-driver (0.7.5)
      websocket-extensions (>= 0.1.0)
    websocket-extensions (0.1.5)
    whenever (1.0.0)
      chronic (>= 0.6.3)
    xpath (3.2.0)
      nokogiri (~> 1.8)
    zeitwerk (2.6.6)

PLATFORMS
  arm64-darwin
  ruby
  x86_64-darwin-21
  x86_64-linux

DEPENDENCIES
  RedCloth (~> 4.3.2)
  acts_as_tree (~> 2.9.1)
  bcrypt (= 3.1.12)
  bootsnap (>= 1.12.0)
  bootstrap (~> 4.3.1)
  brakeman
  builder
  bundler-audit
  byebug
  cancancan (~> 1.10)
  capybara (>= 3.26)
  coffee-rails (~> 5.0)
  database_cleaner
  differ (~> 0.1.2)
  dradis-acunetix (~> 4.7.0)
  dradis-api!
  dradis-brakeman (~> 4.7.0)
  dradis-burp (~> 4.7.0)
  dradis-calculator_cvss (~> 4.7.0)
  dradis-calculator_dread (~> 4.7.0)
  dradis-coreimpact (~> 4.7.0)
  dradis-csv (~> 4.7.0)
  dradis-csv_export (~> 4.7.0)
  dradis-html_export (~> 4.7.0)
  dradis-metasploit (~> 4.7.0)
  dradis-nessus (~> 4.7.0)
  dradis-netsparker (~> 4.7.0)
  dradis-nexpose (~> 4.7.0)
  dradis-nikto (~> 4.7.0)
  dradis-nipper (~> 4.7.0)
  dradis-nmap (~> 4.7.0)
  dradis-ntospider (~> 4.7.0)
  dradis-openvas (~> 4.7.0)
  dradis-plugins (~> 4.7.0)
  dradis-projects (~> 4.7.0)
  dradis-qualys (~> 4.7.0)
  dradis-saint (~> 4.7.0)
  dradis-veracode (~> 4.7.0)
  dradis-wpscan (~> 4.7.0)
  dradis-zap (~> 4.7.0)
  factory_bot_rails
  foreman
  guard-rspec
  html-pipeline
  image_size (~> 1.3.0)
  jbuilder (~> 2.7)
  jquery-fileupload-rails (~> 0.3.4)
  jquery-hotkeys-rails
  jquery-rails
  jquery-ui-rails
  json (= 2.3.0)
  kaminari (~> 1.2.1)
  letter_opener
  liquid
  listen (~> 3.3)
  local_time (>= 2.0.0)
  matrix
  mini_racer
  net-imap
  net-pop
  net-smtp
  nokogiri (= 1.13.10)
  paper_trail (~> 12.2.0)
  parslet (~> 1.6.0)
  pg
  puma (~> 5.0)
  rack-mini-profiler (~> 2.0)
  rails (~> 6.1.7.2)
  rails-html-sanitizer (~> 1.4.4)
  record_tag_helper
  rerun
  resque
  resque-status
  rinku
  rspec-rails (~> 4.0.2)
  rubocop
  ruby_audit
  rubyzip (>= 1.2.2)
  sanitize (= 6.0.1)
  sass-rails (~> 6.0)
  selenium-webdriver
  shoulda-matchers (~> 3.1)
  simple_form
  sinatra (~> 2.2.3)
  spring
  sqlite3
  thor (~> 1.2.1)
  timecop
  turbolinks (~> 5)
  uglifier (>= 1.3.0)
  unicorn (= 6.1.0)
  warden (~> 1.2.3)
  web-console (>= 4.1.0)
  webdrivers
  whenever

RUBY VERSION
   ruby 3.1.2p20

BUNDLED WITH
   2.3.16
