PATH
  remote: engines/dradis-api
  specs:
    dradis-api (4.14.0)
      jbuilder

GEM
  remote: https://rubygems.org/
  specs:
    RedCloth (4.3.4)
    actioncable (7.0.8.7)
      actionpack (= 7.0.8.7)
      activesupport (= 7.0.8.7)
      nio4r (~> 2.0)
      websocket-driver (>= 0.6.1)
    actionmailbox (7.0.8.7)
      actionpack (= 7.0.8.7)
      activejob (= 7.0.8.7)
      activerecord (= 7.0.8.7)
      activestorage (= 7.0.8.7)
      activesupport (= 7.0.8.7)
      mail (>= 2.7.1)
      net-imap
      net-pop
      net-smtp
    actionmailer (7.0.8.7)
      actionpack (= 7.0.8.7)
      actionview (= 7.0.8.7)
      activejob (= 7.0.8.7)
      activesupport (= 7.0.8.7)
      mail (~> 2.5, >= 2.5.4)
      net-imap
      net-pop
      net-smtp
      rails-dom-testing (~> 2.0)
    actionpack (7.0.8.7)
      actionview (= 7.0.8.7)
      activesupport (= 7.0.8.7)
      rack (~> 2.0, >= 2.2.4)
      rack-test (>= 0.6.3)
      rails-dom-testing (~> 2.0)
      rails-html-sanitizer (~> 1.0, >= 1.2.0)
    actiontext (7.0.8.7)
      actionpack (= 7.0.8.7)
      activerecord (= 7.0.8.7)
      activestorage (= 7.0.8.7)
      activesupport (= 7.0.8.7)
      globalid (>= 0.6.0)
      nokogiri (>= 1.8.5)
    actionview (7.0.8.7)
      activesupport (= 7.0.8.7)
      builder (~> 3.1)
      erubi (~> 1.4)
      rails-dom-testing (~> 2.0)
      rails-html-sanitizer (~> 1.1, >= 1.2.0)
    activejob (7.0.8.7)
      activesupport (= 7.0.8.7)
      globalid (>= 0.3.6)
    activemodel (7.0.8.7)
      activesupport (= 7.0.8.7)
    activerecord (7.0.8.7)
      activemodel (= 7.0.8.7)
      activesupport (= 7.0.8.7)
    activestorage (7.0.8.7)
      actionpack (= 7.0.8.7)
      activejob (= 7.0.8.7)
      activerecord (= 7.0.8.7)
      activesupport (= 7.0.8.7)
      marcel (~> 1.0)
      mini_mime (>= 1.1.0)
    activesupport (7.0.8.7)
      concurrent-ruby (~> 1.0, >= 1.0.2)
      i18n (>= 1.6, < 2)
      minitest (>= 5.1)
      tzinfo (~> 2.0)
    acts_as_list (0.7.7)
      activerecord (>= 3.0)
    acts_as_tree (2.9.1)
      activerecord (>= 3.0.0)
    addressable (2.8.7)
      public_suffix (>= 2.0.2, < 7.0)
    ast (2.4.2)
    autoprefixer-rails (10.4.19.0)
      execjs (~> 2)
    base64 (0.2.0)
    bcrypt (3.1.12)
    bindex (0.8.1)
    blankslate (3.1.3)
    bootsnap (1.18.4)
      msgpack (~> 1.2)
    bootstrap (5.2.3)
      autoprefixer-rails (>= 9.1.0)
      popper_js (>= 2.11.6, < 3)
      sassc-rails (>= 2.0.0)
    brakeman (6.2.2)
      racc
    builder (3.3.0)
    bundler-audit (0.9.2)
      bundler (>= 1.2.0, < 3)
      thor (~> 1.0)
    byebug (11.1.3)
    cancancan (1.17.0)
    capybara (3.40.0)
      addressable
      matrix
      mini_mime (>= 0.1.3)
      nokogiri (~> 1.11)
      rack (>= 1.6.0)
      rack-test (>= 0.6.3)
      regexp_parser (>= 1.5, < 3.0)
      xpath (~> 3.2)
    childprocess (5.1.0)
      logger (~> 1.5)
    chronic (0.10.2)
    coderay (1.1.3)
    coffee-rails (5.0.0)
      coffee-script (>= 2.2.0)
      railties (>= 5.2.0)
    coffee-script (2.4.1)
      coffee-script-source
      execjs
    coffee-script-source (1.12.2)
    combustion (0.6.0)
      activesupport (>= 3.0.0)
      railties (>= 3.0.0)
      thor (>= 0.14.6)
    concurrent-ruby (1.3.4)
    connection_pool (2.4.1)
    crass (1.0.6)
    database_cleaner (2.1.0)
      database_cleaner-active_record (>= 2, < 3)
    database_cleaner-active_record (2.2.0)
      activerecord (>= 5.a)
      database_cleaner-core (~> 2.0.0)
    database_cleaner-core (2.0.1)
    date (3.4.1)
    diff-lcs (1.5.1)
    differ (0.1.2)
    dradis-acunetix (4.14.0)
      dradis-plugins (~> 4.0)
      nokogiri (~> 1.3)
    dradis-brakeman (4.14.0)
      dradis-plugins (~> 4.0)
    dradis-burp (4.14.0)
      dradis-plugins (~> 4.0)
      nokogiri (~> 1.3)
    dradis-calculator_cvss (4.14.0)
      dradis-plugins (~> 4.0)
    dradis-calculator_dread (4.14.0)
      dradis-plugins (~> 4.0)
    dradis-coreimpact (4.14.0)
      dradis-plugins (~> 4.0)
    dradis-csv (4.14.0)
      dradis-plugins (~> 4.0)
    dradis-csv_export (4.14.0)
      dradis-plugins (>= 4.8.0)
    dradis-html_export (4.14.0)
      RedCloth (~> 4.3.2)
      dradis-plugins (>= 4.8.0)
      rails_autolink (~> 1.1)
    dradis-metasploit (4.14.0)
      dradis-plugins (~> 4.0)
      nokogiri (~> 1.3)
    dradis-nessus (4.14.0)
      dradis-plugins (~> 4.0)
      nokogiri
    dradis-netsparker (4.14.0)
      dradis-plugins (~> 4.0)
      nokogiri (>= 1.12.5)
    dradis-nexpose (4.14.0)
      dradis-plugins (~> 4.0)
      nokogiri (~> 1.3)
    dradis-nikto (4.14.0)
      dradis-plugins (~> 4.0)
      nokogiri (~> 1.3)
    dradis-nipper (4.14.0)
      dradis-plugins (~> 4.0)
    dradis-nmap (4.14.0)
      dradis-plugins (~> 4.0)
      ruby-nmap (~> 0.7)
    dradis-ntospider (4.14.0)
      dradis-plugins (~> 4.0)
    dradis-openvas (4.14.0)
      dradis-plugins (~> 4.0)
    dradis-pentera (4.14.0)
      dradis-plugins (~> 4.0)
    dradis-plugins (4.14.0)
    dradis-projects (4.14.0)
      dradis-plugins (>= 4.8.0)
      rubyzip
    dradis-qualys (4.14.0)
      dradis-plugins (~> 4.0)
      nokogiri (~> 1.3)
    dradis-saint (4.14.0)
      combustion (~> 0.6.0)
      dradis-plugins (~> 4.0)
      nokogiri
      rake (~> 13.0)
      rspec-rails
    dradis-veracode (4.14.0)
      dradis-plugins (~> 4.0)
    dradis-wpscan (4.14.0)
      dradis-plugins (~> 4.0)
      multi_json
    dradis-zap (4.14.0)
      dradis-plugins (~> 4.0)
      nokogiri (~> 1.3)
    erubi (1.13.0)
    execjs (2.10.0)
    factory_bot (6.5.0)
      activesupport (>= 5.0.0)
    factory_bot_rails (6.4.4)
      factory_bot (~> 6.5)
      railties (>= 5.0.0)
    ffi (1.17.0-aarch64-linux-gnu)
    ffi (1.17.0-aarch64-linux-musl)
    ffi (1.17.0-arm64-darwin)
    ffi (1.17.0-x86_64-darwin)
    ffi (1.17.0-x86_64-linux-gnu)
    ffi (1.17.0-x86_64-linux-musl)
    font-awesome-sass (6.4.2)
      sassc (~> 2.0)
    foreman (0.88.1)
    formatador (1.1.0)
    globalid (1.2.1)
      activesupport (>= 6.1)
    guard (2.19.0)
      formatador (>= 0.2.4)
      listen (>= 2.7, < 4.0)
      lumberjack (>= 1.0.12, < 2.0)
      nenv (~> 0.1)
      notiffany (~> 0.0)
      pry (>= 0.13.0)
      shellany (~> 0.0)
      thor (>= 0.18.1)
    guard-compat (1.2.1)
    guard-rspec (4.7.3)
      guard (~> 2.1)
      guard-compat (~> 1.1)
      rspec (>= 2.99.0, < 4.0)
    html-pipeline (3.2.1)
      selma (~> 0.4)
      zeitwerk (~> 2.5)
    i18n (1.14.6)
      concurrent-ruby (~> 1.0)
    image_size (1.3.1)
    importmap-rails (1.2.3)
      actionpack (>= 6.0.0)
      activesupport (>= 6.0.0)
      railties (>= 6.0.0)
    jbuilder (2.13.0)
      actionview (>= 5.0.0)
      activesupport (>= 5.0.0)
    jquery-fileupload-rails (0.3.5)
      actionpack (>= 3.1)
      railties (>= 3.1)
    jquery-hotkeys-rails (0.7.9.1)
      railties (>= 3.1)
    jquery-rails (4.6.0)
      rails-dom-testing (>= 1, < 3)
      railties (>= 4.2.0)
      thor (>= 0.14, < 2.0)
    json (2.3.0)
    kaminari (1.2.2)
      activesupport (>= 4.1.0)
      kaminari-actionview (= 1.2.2)
      kaminari-activerecord (= 1.2.2)
      kaminari-core (= 1.2.2)
    kaminari-actionview (1.2.2)
      actionview
      kaminari-core (= 1.2.2)
    kaminari-activerecord (1.2.2)
      activerecord
      kaminari-core (= 1.2.2)
    kaminari-core (1.2.2)
    language_server-protocol (3.17.0.3)
    launchy (3.0.1)
      addressable (~> 2.8)
      childprocess (~> 5.0)
    letter_opener (1.10.0)
      launchy (>= 2.2, < 4)
    libv8-node (18.19.0.0-aarch64-linux)
    libv8-node (18.19.0.0-aarch64-linux-musl)
    libv8-node (18.19.0.0-arm64-darwin)
    libv8-node (18.19.0.0-x86_64-darwin)
    libv8-node (18.19.0.0-x86_64-linux)
    libv8-node (18.19.0.0-x86_64-linux-musl)
    liquid (5.5.1)
    listen (3.9.0)
      rb-fsevent (~> 0.10, >= 0.10.3)
      rb-inotify (~> 0.9, >= 0.9.10)
    local_time (3.0.2)
    logger (1.6.2)
    loofah (2.23.1)
      crass (~> 1.0.2)
      nokogiri (>= 1.12.0)
    lumberjack (1.2.10)
    mail (2.8.1)
      mini_mime (>= 0.1.1)
      net-imap
      net-pop
      net-smtp
    marcel (1.0.4)
    matrix (0.4.2)
    method_source (1.1.0)
    mini_mime (1.1.5)
    mini_racer (0.16.0)
      libv8-node (~> 18.19.0.0)
    minitest (5.25.4)
    mono_logger (1.1.2)
    msgpack (1.7.5)
    multi_json (1.15.0)
    mustermann (2.0.2)
      ruby2_keywords (~> 0.0.1)
    nenv (0.3.0)
    net-imap (0.5.1)
      date
      net-protocol
    net-pop (0.1.2)
      net-protocol
    net-protocol (0.2.2)
      timeout
    net-smtp (0.5.0)
      net-protocol
    nio4r (2.7.4)
    nokogiri (1.17.1-aarch64-linux)
      racc (~> 1.4)
    nokogiri (1.17.1-arm64-darwin)
      racc (~> 1.4)
    nokogiri (1.17.1-x86_64-darwin)
      racc (~> 1.4)
    nokogiri (1.17.1-x86_64-linux)
      racc (~> 1.4)
    notiffany (0.1.3)
      nenv (~> 0.1)
      shellany (~> 0.0)
    paper_trail (12.2.0)
      activerecord (>= 5.2)
      request_store (~> 1.1)
    parallel (1.26.3)
    parser (3.3.6.0)
      ast (~> 2.4.1)
      racc
    parslet (1.6.2)
      blankslate (>= 2.0, <= 4.0)
    pg (1.5.9)
    popper_js (2.11.8)
    pry (0.15.0)
      coderay (~> 1.1)
      method_source (~> 1.0)
    public_suffix (6.0.1)
    puma (6.5.0)
      nio4r (~> 2.0)
    racc (1.8.1)
    rack (2.2.10)
    rack-mini-profiler (2.3.4)
      rack (>= 1.2.0)
    rack-protection (2.2.4)
      rack
    rack-test (2.1.0)
      rack (>= 1.3)
    rails (7.0.8.7)
      actioncable (= 7.0.8.7)
      actionmailbox (= 7.0.8.7)
      actionmailer (= 7.0.8.7)
      actionpack (= 7.0.8.7)
      actiontext (= 7.0.8.7)
      actionview (= 7.0.8.7)
      activejob (= 7.0.8.7)
      activemodel (= 7.0.8.7)
      activerecord (= 7.0.8.7)
      activestorage (= 7.0.8.7)
      activesupport (= 7.0.8.7)
      bundler (>= 1.15.0)
      railties (= 7.0.8.7)
    rails-dom-testing (2.2.0)
      activesupport (>= 5.0.0)
      minitest
      nokogiri (>= 1.6)
    rails-html-sanitizer (1.4.4)
      loofah (~> 2.19, >= 2.19.1)
    rails_autolink (1.1.8)
      actionview (> 3.1)
      activesupport (> 3.1)
      railties (> 3.1)
    railties (7.0.8.7)
      actionpack (= 7.0.8.7)
      activesupport (= 7.0.8.7)
      method_source
      rake (>= 12.2)
      thor (~> 1.0)
      zeitwerk (~> 2.5)
    rainbow (3.1.1)
    rake (13.2.1)
    rb-fsevent (0.11.2)
    rb-inotify (0.11.1)
      ffi (~> 1.0)
    record_tag_helper (1.0.1)
      actionview (>= 5)
    redis (5.3.0)
      redis-client (>= 0.22.0)
    redis-client (0.23.0)
      connection_pool
    redis-namespace (1.11.0)
      redis (>= 4)
    regexp_parser (2.9.3)
    request_store (1.7.0)
      rack (>= 1.4)
    rerun (0.14.0)
      listen (~> 3.0)
    resque (1.27.4)
      mono_logger (~> 1.0)
      multi_json (~> 1.0)
      redis-namespace (~> 1.3)
      sinatra (>= 0.9.2)
      vegas (~> 0.1.2)
    resque-status (0.5.0)
      resque (~> 1.19)
    rexml (3.3.9)
    rinku (2.0.6)
    rprogram (0.3.2)
    rspec (3.13.0)
      rspec-core (~> 3.13.0)
      rspec-expectations (~> 3.13.0)
      rspec-mocks (~> 3.13.0)
    rspec-core (3.13.2)
      rspec-support (~> 3.13.0)
    rspec-expectations (3.13.3)
      diff-lcs (>= 1.2.0, < 2.0)
      rspec-support (~> 3.13.0)
    rspec-mocks (3.13.2)
      diff-lcs (>= 1.2.0, < 2.0)
      rspec-support (~> 3.13.0)
    rspec-rails (4.0.2)
      actionpack (>= 4.2)
      activesupport (>= 4.2)
      railties (>= 4.2)
      rspec-core (~> 3.10)
      rspec-expectations (~> 3.10)
      rspec-mocks (~> 3.10)
      rspec-support (~> 3.10)
    rspec-support (3.13.2)
    rubocop (1.69.1)
      json (~> 2.3)
      language_server-protocol (>= 3.17.0)
      parallel (~> 1.10)
      parser (>= 3.3.0.2)
      rainbow (>= 2.2.2, < 4.0)
      regexp_parser (>= 2.9.3, < 3.0)
      rubocop-ast (>= 1.36.2, < 2.0)
      ruby-progressbar (~> 1.7)
      unicode-display_width (>= 2.4.0, < 4.0)
    rubocop-ast (1.36.2)
      parser (>= 3.3.1.0)
    ruby-nmap (0.10.0)
      nokogiri (~> 1.3)
      rprogram (~> 0.3)
    ruby-progressbar (1.13.0)
    ruby2_keywords (0.0.5)
    ruby_audit (2.3.1)
      bundler-audit (~> 0.9.0)
    rubyzip (2.3.2)
    sanitize (6.0.2)
      crass (~> 1.0.2)
      nokogiri (>= 1.12.0)
    sass-rails (6.0.0)
      sassc-rails (~> 2.1, >= 2.1.1)
    sassc (2.4.0)
      ffi (~> 1.9)
    sassc-rails (2.1.2)
      railties (>= 4.0.0)
      sassc (>= 2.0)
      sprockets (> 3.0)
      sprockets-rails
      tilt
    selenium-webdriver (4.27.0)
      base64 (~> 0.2)
      logger (~> 1.4)
      rexml (~> 3.2, >= 3.2.5)
      rubyzip (>= 1.2.2, < 3.0)
      websocket (~> 1.0)
    selma (0.4.10-aarch64-linux)
    selma (0.4.10-arm64-darwin)
    selma (0.4.10-x86_64-darwin)
    selma (0.4.10-x86_64-linux)
    shellany (0.0.1)
    shoulda-matchers (3.1.3)
      activesupport (>= 4.0.0)
    simple_form (5.3.1)
      actionpack (>= 5.2)
      activemodel (>= 5.2)
    sinatra (2.2.4)
      mustermann (~> 2.0)
      rack (~> 2.2)
      rack-protection (= 2.2.4)
      tilt (~> 2.0)
    spring (4.2.1)
    sprockets (4.2.1)
      concurrent-ruby (~> 1.0)
      rack (>= 2.2.4, < 4)
    sprockets-rails (3.5.2)
      actionpack (>= 6.1)
      activesupport (>= 6.1)
      sprockets (>= 3.0.0)
    sqlite3 (2.4.1-aarch64-linux-gnu)
    sqlite3 (2.4.1-aarch64-linux-musl)
    sqlite3 (2.4.1-arm64-darwin)
    sqlite3 (2.4.1-x86_64-darwin)
    sqlite3 (2.4.1-x86_64-linux-gnu)
    sqlite3 (2.4.1-x86_64-linux-musl)
    terser (1.2.4)
      execjs (>= 0.3.0, < 3)
    thor (1.2.2)
    tilt (2.4.0)
    time (0.4.1)
      date
    timecop (0.9.10)
    timeout (0.4.2)
    turbolinks (5.2.1)
      turbolinks-source (~> 5.2)
    turbolinks-source (5.2.0)
    tzinfo (2.0.6)
      concurrent-ruby (~> 1.0)
    unicode-display_width (3.1.2)
      unicode-emoji (~> 4.0, >= 4.0.4)
    unicode-emoji (4.0.4)
    vegas (0.1.11)
      rack (>= 1.0.0)
    warden (1.2.9)
      rack (>= 2.0.9)
    web-console (4.2.1)
      actionview (>= 6.0.0)
      activemodel (>= 6.0.0)
      bindex (>= 0.4.0)
      railties (>= 6.0.0)
    websocket (1.2.11)
    websocket-driver (0.7.6)
      websocket-extensions (>= 0.1.0)
    websocket-extensions (0.1.5)
    whenever (1.0.0)
      chronic (>= 0.6.3)
    xpath (3.2.0)
      nokogiri (~> 1.8)
    zeitwerk (2.6.18)

PLATFORMS
  aarch64-linux
  aarch64-linux-gnu
  aarch64-linux-musl
  arm64-darwin
  x86_64-darwin
  x86_64-linux
  x86_64-linux-gnu
  x86_64-linux-musl

DEPENDENCIES
  RedCloth (~> 4.3.4)
  acts_as_list (~> 0.7.5)
  acts_as_tree (~> 2.9.1)
  bcrypt (= 3.1.12)
  bootsnap (>= 1.12.0)
  bootstrap (~> 5.2.3)
  brakeman
  builder
  bundler-audit
  byebug
  cancancan (~> 1.10)
  capybara (~> 3.39)
  coffee-rails (~> 5.0)
  database_cleaner
  differ (~> 0.1.2)
  dradis-acunetix (~> 4.14.0)
  dradis-api!
  dradis-brakeman (~> 4.14.0)
  dradis-burp (~> 4.14.0)
  dradis-calculator_cvss (~> 4.14.0)
  dradis-calculator_dread (~> 4.14.0)
  dradis-coreimpact (~> 4.14.0)
  dradis-csv (~> 4.14.0)
  dradis-csv_export (~> 4.14.0)
  dradis-html_export (~> 4.14.0)
  dradis-metasploit (~> 4.14.0)
  dradis-nessus (~> 4.14.0)
  dradis-netsparker (~> 4.14.0)
  dradis-nexpose (~> 4.14.0)
  dradis-nikto (~> 4.14.0)
  dradis-nipper (~> 4.14.0)
  dradis-nmap (~> 4.14.0)
  dradis-ntospider (~> 4.14.0)
  dradis-openvas (~> 4.14.0)
  dradis-pentera (~> 4.14.0)
  dradis-plugins (~> 4.14.0)
  dradis-projects (~> 4.14.0)
  dradis-qualys (~> 4.14.0)
  dradis-saint (~> 4.14.0)
  dradis-veracode (~> 4.14.0)
  dradis-wpscan (~> 4.14.0)
  dradis-zap (~> 4.14.0)
  factory_bot_rails
  font-awesome-sass (~> 6.4.0)
  foreman
  guard-rspec
  html-pipeline
  image_size (~> 1.3.0)
  importmap-rails (~> 1.2)
  jbuilder (~> 2.7)
  jquery-fileupload-rails (~> 0.3.4)
  jquery-hotkeys-rails
  jquery-rails
  json (= 2.3.0)
  kaminari (~> 1.2.1)
  letter_opener
  liquid
  listen
  local_time (>= 2.0.0)
  matrix
  mini_racer
  net-imap
  net-pop
  net-smtp
  nokogiri (>= 1.16.5)
  paper_trail (~> 12.2.0)
  parslet (~> 1.6.0)
  pg
  puma (>= 6.4.3)
  rack-mini-profiler (~> 2.0)
  rails (~> 7.0.8.7)
  rails-html-sanitizer (~> 1.4.4)
  record_tag_helper
  rerun
  resque
  resque-status
  rinku
  rspec-rails (~> 4.0.2)
  rubocop
  ruby_audit
  rubyzip (>= 1.2.2)
  sanitize (= 6.0.2)
  sass-rails (~> 6.0)
  selenium-webdriver (~> 4.17)
  shoulda-matchers (~> 3.1)
  simple_form
  sinatra (~> 2.2.3)
  spring
  sprockets-rails (>= 3.0.0)
  sqlite3
  terser (~> 1.1)
  thor (~> 1.2.1)
  time (>= 0.2.2)
  timecop
  turbolinks (~> 5)
  warden (~> 1.2.3)
  web-console (>= 4.1.0)
  whenever

RUBY VERSION
   ruby 3.1.2p20

BUNDLED WITH
   2.5.23
