GIT
  remote: https://github.com/dradis/dradis-acunetix.git
  revision: 472fc9ebfa907608b5817d645c513291a6cf38d8
  specs:
    dradis-acunetix (3.15.0)
      dradis-plugins (~> 3.6)
      nokogiri (~> 1.3)

GIT
  remote: https://github.com/dradis/dradis-brakeman.git
  revision: 369936da2c7ff4a63790bba6fb0f96b592402953
  specs:
    dradis-brakeman (3.15.0)
      dradis-plugins (~> 3.6)

GIT
  remote: https://github.com/dradis/dradis-burp.git
  revision: e8470a2f44b1c2bb6a3ab1bfe34c590747a9ba17
  specs:
    dradis-burp (3.15.0)
      dradis-plugins (~> 3.6)
      nokogiri (~> 1.3)

GIT
  remote: https://github.com/dradis/dradis-calculator_cvss.git
  revision: 124c3065190ea1d5b64c0a172ea0abdf2179e8a8
  specs:
    dradis-calculator_cvss (3.15.0)
      dradis-plugins (~> 3.0)

GIT
  remote: https://github.com/dradis/dradis-calculator_dread.git
  revision: 427194af87d2c961168273d4eb9ebf2b75bcfdeb
  specs:
    dradis-calculator_dread (3.15.0)
      dradis-plugins (~> 3.0)

GIT
  remote: https://github.com/dradis/dradis-csv.git
  revision: 32399ac148099ee7c13b08371fb474d53aca550a
  specs:
    dradis-csv (3.15.0)
      dradis-plugins (~> 3.6)

GIT
  remote: https://github.com/dradis/dradis-html_export.git
  revision: 118ea378c5bcb5057752cbe644e9c51ef2d9933c
  specs:
    dradis-html_export (3.15.0)
      RedCloth (~> 4.3.2)
      dradis-plugins (~> 3.6)
      rails_autolink (~> 1.1)

GIT
  remote: https://github.com/dradis/dradis-metasploit.git
  revision: d619f484f8a2f13786aa537de7c0cffc14111b25
  specs:
    dradis-metasploit (3.15.0)
      dradis-plugins (~> 3.6)
      nokogiri (~> 1.3)

GIT
  remote: https://github.com/dradis/dradis-nessus.git
  revision: 5313f5b4425ec3d4d1e6bdba43dbd21e10312920
  specs:
    dradis-nessus (3.15.0)
      dradis-plugins (~> 3.6)
      nokogiri

GIT
  remote: https://github.com/dradis/dradis-netsparker.git
  revision: a51e86061b4ebd37ce566e937977ecdc387510fd
  specs:
    dradis-netsparker (3.15.0)
      dradis-plugins (~> 3.2)
      nokogiri (~> 1.10.4)

GIT
  remote: https://github.com/dradis/dradis-nexpose.git
  revision: 2859bb6af486f170713be64d80dd642bb9598c43
  specs:
    dradis-nexpose (3.15.0)
      dradis-plugins (~> 3.6)
      nokogiri (~> 1.3)

GIT
  remote: https://github.com/dradis/dradis-nikto.git
  revision: 3d2266aa56b40e85bd13cb2fa258a77a463415a9
  specs:
    dradis-nikto (3.15.0)
      dradis-plugins (~> 3.6)
      nokogiri (~> 1.3)

GIT
  remote: https://github.com/dradis/dradis-nmap.git
  revision: e9a0e9f9aba51f560d2db213d378fd04225f06ce
  specs:
    dradis-nmap (3.15.0)
      dradis-plugins (~> 3.6)
      ruby-nmap (~> 0.7)

GIT
  remote: https://github.com/dradis/dradis-ntospider.git
  revision: c45de8411b06da315d7f94d4a31f133a37537c51
  specs:
    dradis-ntospider (3.15.0)
      dradis-plugins (~> 3.6)

GIT
  remote: https://github.com/dradis/dradis-openvas.git
  revision: d4f4623501ce859ce4810d3c7547de5eb03f2896
  specs:
    dradis-openvas (3.15.0)
      dradis-plugins (~> 3.6)

GIT
  remote: https://github.com/dradis/dradis-qualys.git
  revision: 7deef7d88fea2c0ba02b40bd479d00c65cfe241a
  specs:
    dradis-qualys (3.15.0)
      dradis-plugins (~> 3.6)
      nokogiri (~> 1.3)

GIT
  remote: https://github.com/dradis/dradis-saint.git
  revision: e29d0595252c0a4b5372ca9e0b0bc170846c1120
  specs:
    dradis-saint (3.15.0)
      combustion (~> 0.6.0)
      dradis-plugins (~> 3.8)
      nokogiri
      rake (~> 12.0)
      rspec-rails

GIT
  remote: https://github.com/dradis/dradis-zap.git
  revision: fdd6c2b88ec962e42be37c316c1617303d0c9906
  specs:
    dradis-zap (3.15.0)
      dradis-plugins (~> 3.6)
      nokogiri (~> 1.3)

PATH
  remote: engines/dradis-api
  specs:
    dradis-api (0.0.1)
      jbuilder

GEM
  remote: https://rubygems.org/
  specs:
    RedCloth (4.3.2)
    actioncable (5.1.7)
      actionpack (= 5.1.7)
      nio4r (~> 2.0)
      websocket-driver (~> 0.6.1)
    actionmailer (5.1.7)
      actionpack (= 5.1.7)
      actionview (= 5.1.7)
      activejob (= 5.1.7)
      mail (~> 2.5, >= 2.5.4)
      rails-dom-testing (~> 2.0)
    actionpack (5.1.7)
      actionview (= 5.1.7)
      activesupport (= 5.1.7)
      rack (~> 2.0)
      rack-test (>= 0.6.3)
      rails-dom-testing (~> 2.0)
      rails-html-sanitizer (~> 1.0, >= 1.0.2)
    actionview (5.1.7)
      activesupport (= 5.1.7)
      builder (~> 3.1)
      erubi (~> 1.4)
      rails-dom-testing (~> 2.0)
      rails-html-sanitizer (~> 1.0, >= 1.0.3)
    activejob (5.1.7)
      activesupport (= 5.1.7)
      globalid (>= 0.3.6)
    activemodel (5.1.7)
      activesupport (= 5.1.7)
    activerecord (5.1.7)
      activemodel (= 5.1.7)
      activesupport (= 5.1.7)
      arel (~> 8.0)
    activesupport (5.1.7)
      concurrent-ruby (~> 1.0, >= 1.0.2)
      i18n (>= 0.7, < 2)
      minitest (~> 5.1)
      tzinfo (~> 1.1)
    acts_as_tree (2.7.1)
      activerecord (>= 3.0.0)
    addressable (2.6.0)
      public_suffix (>= 2.0.2, < 4.0)
    arel (8.0.0)
    ast (2.4.0)
    autoprefixer-rails (9.7.4)
      execjs
    bcrypt (3.1.12)
    bindex (0.5.0)
    blankslate (3.1.3)
    bootstrap (4.3.1)
      autoprefixer-rails (>= 9.1.0)
      popper_js (>= 1.14.3, < 2)
      sassc-rails (>= 2.0.0)
    brakeman (4.3.1)
    builder (3.2.3)
    bullet (5.8.1)
      activesupport (>= 3.0.0)
      uniform_notifier (~> 1.11)
    bundler-audit (0.6.1)
      bundler (>= 1.2.0, < 3)
      thor (~> 0.18)
    byebug (10.0.2)
    cancancan (1.17.0)
    capybara (3.26.0)
      addressable
      mini_mime (>= 0.1.3)
      nokogiri (~> 1.8)
      rack (>= 1.6.0)
      rack-test (>= 0.6.3)
      regexp_parser (~> 1.5)
      xpath (~> 3.2)
    childprocess (1.0.1)
      rake (< 13.0)
    chronic (0.10.2)
    coderay (1.1.2)
    coffee-rails (4.2.2)
      coffee-script (>= 2.2.0)
      railties (>= 4.0.0)
    coffee-script (2.4.1)
      coffee-script-source
      execjs
    coffee-script-source (1.12.2)
    combustion (0.6.0)
      activesupport (>= 3.0.0)
      railties (>= 3.0.0)
      thor (>= 0.14.6)
    concurrent-ruby (1.1.5)
    crass (1.0.6)
    database_cleaner (1.7.0)
    diff-lcs (1.3)
    differ (0.1.2)
    dradis-plugins (3.15.0)
    dradis-projects (3.15.0)
      dradis-plugins (~> 3.7)
      rubyzip
    erubi (1.9.0)
    execjs (2.7.0)
    factory_bot (4.11.1)
      activesupport (>= 3.0.0)
    factory_bot_rails (4.11.1)
      factory_bot (~> 4.11.1)
      railties (>= 3.0.0)
    ffi (1.11.1)
    font-awesome-sass (4.7.0)
      sass (>= 3.2)
    foreman (0.85.0)
      thor (~> 0.19.1)
    formatador (0.2.5)
    globalid (0.4.2)
      activesupport (>= 4.2.0)
    guard (2.14.2)
      formatador (>= 0.2.4)
      listen (>= 2.7, < 4.0)
      lumberjack (>= 1.0.12, < 2.0)
      nenv (~> 0.1)
      notiffany (~> 0.0)
      pry (>= 0.9.12)
      shellany (~> 0.0)
      thor (>= 0.18.1)
    guard-compat (1.2.1)
    guard-rspec (4.7.3)
      guard (~> 2.1)
      guard-compat (~> 1.1)
      rspec (>= 2.99.0, < 4.0)
    html-pipeline (2.8.4)
      activesupport (>= 2)
      nokogiri (>= 1.4)
    i18n (1.6.0)
      concurrent-ruby (~> 1.0)
    image_size (1.3.1)
    jaro_winkler (1.5.2)
    jbuilder (2.7.0)
      activesupport (>= 4.2.0)
      multi_json (>= 1.2)
    jquery-fileupload-rails (0.3.5)
      actionpack (>= 3.1)
      railties (>= 3.1)
    jquery-hotkeys-rails (0.7.9.1)
      railties (>= 3.1)
    jquery-rails (4.3.3)
      rails-dom-testing (>= 1, < 3)
      railties (>= 4.2.0)
      thor (>= 0.14, < 2.0)
    jquery-ui-rails (6.0.1)
      railties (>= 3.2.16)
    json (1.8.6)
    kaminari (1.1.1)
      activesupport (>= 4.1.0)
      kaminari-actionview (= 1.1.1)
      kaminari-activerecord (= 1.1.1)
      kaminari-core (= 1.1.1)
    kaminari-actionview (1.1.1)
      actionview
      kaminari-core (= 1.1.1)
    kaminari-activerecord (1.1.1)
      activerecord
      kaminari-core (= 1.1.1)
    kaminari-core (1.1.1)
    kgio (2.11.2)
    launchy (2.4.3)
      addressable (~> 2.3)
    letter_opener (1.6.0)
      launchy (~> 2.2)
    libv8 (7.3.492.27.1)
    listen (3.1.5)
      rb-fsevent (~> 0.9, >= 0.9.4)
      rb-inotify (~> 0.9, >= 0.9.7)
      ruby_dep (~> 1.2)
    local_time (2.1.0)
    loofah (2.4.0)
      crass (~> 1.0.2)
      nokogiri (>= 1.5.9)
    lumberjack (1.0.13)
    mail (2.7.1)
      mini_mime (>= 0.1.1)
    method_source (0.9.2)
    mini_mime (1.0.2)
    mini_portile2 (2.4.0)
    mini_racer (0.2.9)
      libv8 (>= 6.9.411)
    minitest (5.12.2)
    mono_logger (1.1.0)
    multi_json (1.13.1)
    mustermann (1.0.3)
    mysql2 (0.5.2)
    nenv (0.3.0)
    nio4r (2.3.1)
    nokogiri (1.10.8)
      mini_portile2 (~> 2.4.0)
    nokogumbo (2.0.1)
      nokogiri (~> 1.8, >= 1.8.4)
    notiffany (0.1.1)
      nenv (~> 0.1)
      shellany (~> 0.0)
    paper_trail (6.0.2)
      activerecord (>= 4.0, < 5.2)
      request_store (~> 1.1)
    parallel (1.12.1)
    parser (2.5.3.0)
      ast (~> 2.4.0)
    parslet (1.6.2)
      blankslate (>= 2.0, <= 4.0)
    popper_js (1.16.0)
    powerpack (0.1.2)
    pry (0.12.0)
      coderay (~> 1.1.0)
      method_source (~> 0.9.0)
    public_suffix (3.1.1)
    puma (4.3.1)
      nio4r (~> 2.0)
    rack (2.0.8)
    rack-protection (2.0.2)
      rack
    rack-test (1.1.0)
      rack (>= 1.0, < 3)
    rails (5.1.7)
      actioncable (= 5.1.7)
      actionmailer (= 5.1.7)
      actionpack (= 5.1.7)
      actionview (= 5.1.7)
      activejob (= 5.1.7)
      activemodel (= 5.1.7)
      activerecord (= 5.1.7)
      activesupport (= 5.1.7)
      bundler (>= 1.3.0)
      railties (= 5.1.7)
      sprockets-rails (>= 2.0.0)
    rails-dom-testing (2.0.3)
      activesupport (>= 4.2.0)
      nokogiri (>= 1.6)
    rails-html-sanitizer (1.3.0)
      loofah (~> 2.3)
    rails_autolink (1.1.6)
      rails (> 3.1)
    railties (5.1.7)
      actionpack (= 5.1.7)
      activesupport (= 5.1.7)
      method_source
      rake (>= 0.8.7)
      thor (>= 0.18.1, < 2.0)
    rainbow (3.0.0)
    raindrops (0.19.0)
    rake (12.3.2)
    rb-fsevent (0.10.3)
    rb-inotify (0.10.0)
      ffi (~> 1.0)
    record_tag_helper (1.0.0)
      actionview (~> 5.x)
    redis (4.0.3)
    redis-namespace (1.6.0)
      redis (>= 3.0.4)
    regexp_parser (1.6.0)
    request_store (1.4.1)
      rack (>= 1.4)
    rerun (0.13.0)
      listen (~> 3.0)
    resque (1.27.4)
      mono_logger (~> 1.0)
      multi_json (~> 1.0)
      redis-namespace (~> 1.3)
      sinatra (>= 0.9.2)
      vegas (~> 0.1.2)
    resque-status (0.5.0)
      resque (~> 1.19)
    rinku (2.0.4)
    rprogram (0.3.2)
    rspec (3.8.0)
      rspec-core (~> 3.8.0)
      rspec-expectations (~> 3.8.0)
      rspec-mocks (~> 3.8.0)
    rspec-core (3.8.0)
      rspec-support (~> 3.8.0)
    rspec-expectations (3.8.2)
      diff-lcs (>= 1.2.0, < 2.0)
      rspec-support (~> 3.8.0)
    rspec-mocks (3.8.0)
      diff-lcs (>= 1.2.0, < 2.0)
      rspec-support (~> 3.8.0)
    rspec-rails (3.8.1)
      actionpack (>= 3.0)
      activesupport (>= 3.0)
      railties (>= 3.0)
      rspec-core (~> 3.8.0)
      rspec-expectations (~> 3.8.0)
      rspec-mocks (~> 3.8.0)
      rspec-support (~> 3.8.0)
    rspec-support (3.8.0)
    rubocop (0.60.0)
      jaro_winkler (~> 1.5.1)
      parallel (~> 1.10)
      parser (>= 2.5, != 2.5.1.1)
      powerpack (~> 0.1)
      rainbow (>= 2.2.2, < 4.0)
      ruby-progressbar (~> 1.7)
      unicode-display_width (~> 1.4.0)
    ruby-nmap (0.9.3)
      nokogiri (~> 1.3)
      rprogram (~> 0.3)
    ruby-progressbar (1.10.0)
    ruby_dep (1.5.0)
    rubyzip (1.3.0)
    sanitize (5.0.0)
      crass (~> 1.0.2)
      nokogiri (>= 1.8.0)
      nokogumbo (~> 2.0)
    sass (3.7.4)
      sass-listen (~> 4.0.0)
    sass-listen (4.0.0)
      rb-fsevent (~> 0.9, >= 0.9.4)
      rb-inotify (~> 0.9, >= 0.9.7)
    sass-rails (5.0.7)
      railties (>= 4.0.0, < 6)
      sass (~> 3.1)
      sprockets (>= 2.8, < 4.0)
      sprockets-rails (>= 2.0, < 4.0)
      tilt (>= 1.1, < 3)
    sassc (2.2.1)
      ffi (~> 1.9)
    sassc-rails (2.1.2)
      railties (>= 4.0.0)
      sassc (>= 2.0)
      sprockets (> 3.0)
      sprockets-rails
      tilt
    selenium-webdriver (3.142.3)
      childprocess (>= 0.5, < 2.0)
      rubyzip (~> 1.2, >= 1.2.2)
    shellany (0.0.1)
    shoulda-matchers (3.1.2)
      activesupport (>= 4.0.0)
    simple_form (5.0.0)
      actionpack (>= 5.0)
      activemodel (>= 5.0)
    sinatra (2.0.2)
      mustermann (~> 1.0)
      rack (~> 2.0)
      rack-protection (= 2.0.2)
      tilt (~> 2.0)
    spring (2.0.2)
      activesupport (>= 4.2)
    spring-watcher-listen (2.0.1)
      listen (>= 2.7, < 4.0)
      spring (>= 1.2, < 3.0)
    sprockets (3.7.2)
      concurrent-ruby (~> 1.0)
      rack (> 1, < 3)
    sprockets-rails (3.2.1)
      actionpack (>= 4.0)
      activesupport (>= 4.0)
      sprockets (>= 3.0.0)
    sqlite3 (1.3.13)
    thor (0.19.4)
    thread_safe (0.3.6)
    tilt (2.0.8)
    timecop (0.9.1)
    turbolinks (5.2.0)
      turbolinks-source (~> 5.2)
    turbolinks-source (5.2.0)
    tzinfo (1.2.5)
      thread_safe (~> 0.1)
    uglifier (4.1.19)
      execjs (>= 0.3.0, < 3)
    unicode-display_width (1.4.0)
    unicorn (5.4.1)
      kgio (~> 2.6)
      raindrops (~> 0.7)
    uniform_notifier (1.12.1)
    vegas (0.1.11)
      rack (>= 1.0.0)
    warden (1.2.7)
      rack (>= 1.0)
    web-console (3.7.0)
      actionview (>= 5.0)
      activemodel (>= 5.0)
      bindex (>= 0.4.0)
      railties (>= 5.0)
    webdrivers (4.1.1)
      nokogiri (~> 1.6)
      rubyzip (~> 1.0)
      selenium-webdriver (>= 3.0, < 4.0)
    websocket-driver (0.6.5)
      websocket-extensions (>= 0.1.0)
    websocket-extensions (0.1.3)
    whenever (0.10.0)
      chronic (>= 0.6.3)
    xpath (3.2.0)
      nokogiri (~> 1.8)

PLATFORMS
  ruby

DEPENDENCIES
  RedCloth (~> 4.3.2)
  acts_as_tree (~> 2.7.1)
  bcrypt (= 3.1.12)
  bootstrap (~> 4.3.1)
  brakeman
  builder
  bullet
  bundler-audit
  byebug
  cancancan (~> 1.10)
  capybara
  coffee-rails (~> 4.2)
  database_cleaner
  differ (~> 0.1.2)
  dradis-acunetix (~> 3.15)!
  dradis-api!
  dradis-brakeman (~> 3.15)!
  dradis-burp (~> 3.15)!
  dradis-calculator_cvss (~> 3.15)!
  dradis-calculator_dread (~> 3.15)!
  dradis-csv (~> 3.15)!
  dradis-html_export (~> 3.15)!
  dradis-metasploit (~> 3.15)!
  dradis-nessus (~> 3.15)!
  dradis-netsparker (~> 3.15)!
  dradis-nexpose (~> 3.15)!
  dradis-nikto (~> 3.15)!
  dradis-nmap (~> 3.15)!
  dradis-ntospider (~> 3.15)!
  dradis-openvas (~> 3.15)!
  dradis-plugins (~> 3.15)
  dradis-projects (~> 3.15)
  dradis-qualys (~> 3.15)!
  dradis-saint (~> 3.15)!
  dradis-zap (~> 3.15)!
  factory_bot_rails
  font-awesome-sass (~> 4.7.0)
  foreman
  guard-rspec
  html-pipeline
  image_size (~> 1.3.0)
  jbuilder (~> 2.5)
  jquery-fileupload-rails (~> 0.3.4)
  jquery-hotkeys-rails
  jquery-rails
  jquery-ui-rails
  json (= 1.8.6)
  kaminari (~> 1.1.1)
  letter_opener
  listen (>= 3.0.5, < 3.2)
  local_time (>= 2.0.0)
  mini_racer
  mysql2 (~> 0.5.1)
  nokogiri (= 1.10.8)
  paper_trail (~> 6.0)
  parslet (~> 1.6.0)
  puma
  rails (~> 5.1.7)
  rails-html-sanitizer (~> 1.3.0)
  record_tag_helper
  rerun
  resque
  resque-status
  rinku
  rspec-rails (~> 3.1)
  rubocop
  rubyzip (>= 1.2.2)
  sanitize
  sass-rails (~> 5.0)
  selenium-webdriver
  shoulda-matchers (~> 3.1)
  simple_form
  sinatra (= 2.0.2)
  spring
  spring-watcher-listen (~> 2.0.0)
  sqlite3
  thor (~> 0.18)
  timecop
  turbolinks (~> 5)
  uglifier (>= 1.3.0)
  unicorn (= 5.4.1)
  warden (~> 1.2.3)
  web-console (>= 3.3.0)
  webdrivers
  whenever

BUNDLED WITH
   2.1.4
